NUGET
  remote: https://api.nuget.org/v3/index.json
    NuGet.CommandLine (5.8.1)

GROUP AspNetLib
RESTRICTION: || (== net50) (== netstandard2.0)
NUGET
  remote: https://api.nuget.org/v3/index.json
    Microsoft.AspNetCore.Http (2.2.2)
      Microsoft.AspNetCore.Http.Abstractions (>= 2.2)
      Microsoft.AspNetCore.WebUtilities (>= 2.2)
      Microsoft.Extensions.ObjectPool (>= 2.2)
      Microsoft.Extensions.Options (>= 2.2)
      Microsoft.Net.Http.Headers (>= 2.2)
    Microsoft.AspNetCore.Http.Abstractions (2.2)
      Microsoft.AspNetCore.Http.Features (>= 2.2)
      System.Text.Encodings.Web (>= 4.5)
    Microsoft.AspNetCore.Http.Extensions (2.2)
      Microsoft.AspNetCore.Http.Abstractions (>= 2.2)
      Microsoft.Extensions.FileProviders.Abstractions (>= 2.2)
      Microsoft.Net.Http.Headers (>= 2.2)
      System.Buffers (>= 4.5)
    Microsoft.AspNetCore.Http.Features (5.0.5)
      Microsoft.Extensions.Primitives (>= 5.0.1)
      System.IO.Pipelines (>= 5.0.1)
    Microsoft.AspNetCore.WebUtilities (2.2)
      Microsoft.Net.Http.Headers (>= 2.2)
      System.Text.Encodings.Web (>= 4.5)
    Microsoft.Bcl.AsyncInterfaces (5.0) - restriction: || (&& (== net50) (>= monotouch)) (&& (== net50) (>= net461)) (&& (== net50) (< netcoreapp2.0)) (&& (== net50) (< netcoreapp2.1)) (&& (== net50) (< netcoreapp3.0)) (&& (== net50) (< netstandard2.0) (>= xamarintvos)) (&& (== net50) (< netstandard2.0) (>= xamarinwatchos)) (&& (== net50) (>= uap10.1)) (== netstandard2.0)
      System.Threading.Tasks.Extensions (>= 4.5.4) - restriction: || (&& (== net50) (>= net461)) (&& (== net50) (< netcoreapp2.1) (< netstandard2.1)) (== netstandard2.0)
    Microsoft.Extensions.DependencyInjection.Abstractions (5.0)
    Microsoft.Extensions.FileProviders.Abstractions (5.0)
      Microsoft.Extensions.Primitives (>= 5.0)
    Microsoft.Extensions.ObjectPool (5.0.5)
    Microsoft.Extensions.Options (5.0)
      Microsoft.Extensions.DependencyInjection.Abstractions (>= 5.0)
      Microsoft.Extensions.Primitives (>= 5.0)
    Microsoft.Extensions.Primitives (5.0.1)
      System.Buffers (>= 4.5.1) - restriction: || (&& (== net50) (>= monotouch)) (&& (== net50) (>= net461)) (&& (== net50) (< netcoreapp2.0)) (&& (== net50) (< netstandard2.0) (>= xamarintvos)) (&& (== net50) (< netstandard2.0) (>= xamarinwatchos)) (== netstandard2.0)
      System.Memory (>= 4.5.4) - restriction: || (&& (== net50) (>= net461)) (&& (== net50) (< netcoreapp2.0)) (&& (== net50) (< netcoreapp2.1)) (&& (== net50) (>= uap10.1)) (== netstandard2.0)
      System.Runtime.CompilerServices.Unsafe (>= 5.0) - restriction: || (&& (== net50) (>= monotouch)) (&& (== net50) (>= net461)) (&& (== net50) (< netcoreapp2.0)) (&& (== net50) (< netcoreapp2.1)) (&& (== net50) (< netcoreapp3.0)) (&& (== net50) (< netstandard2.0) (>= xamarintvos)) (&& (== net50) (< netstandard2.0) (>= xamarinwatchos)) (&& (== net50) (>= uap10.1)) (== netstandard2.0)
    Microsoft.Net.Http.Headers (2.2.8)
      Microsoft.Extensions.Primitives (>= 2.2)
      System.Buffers (>= 4.5)
    System.Buffers (4.5.1)
    System.IO.Pipelines (5.0.1)
      System.Buffers (>= 4.5.1) - restriction: || (&& (== net50) (>= monotouch)) (&& (== net50) (>= net461)) (&& (== net50) (< netcoreapp2.0)) (&& (== net50) (< netstandard2.0)) (&& (== net50) (>= xamarinios)) (&& (== net50) (>= xamarinmac)) (&& (== net50) (>= xamarintvos)) (&& (== net50) (>= xamarinwatchos)) (== netstandard2.0)
      System.Memory (>= 4.5.4) - restriction: || (&& (== net50) (>= net461)) (&& (== net50) (< netcoreapp2.0)) (&& (== net50) (< netcoreapp2.1)) (&& (== net50) (< netstandard2.0)) (&& (== net50) (>= uap10.1)) (== netstandard2.0)
      System.Threading.Tasks.Extensions (>= 4.5.4) - restriction: || (&& (== net50) (>= net461)) (&& (== net50) (< netcoreapp2.0)) (&& (== net50) (< netcoreapp2.1)) (&& (== net50) (< netstandard2.0)) (&& (== net50) (>= uap10.1)) (== netstandard2.0)
    System.Memory (4.5.4) - restriction: || (&& (== net50) (>= net461)) (&& (== net50) (< netcoreapp2.0)) (&& (== net50) (< netcoreapp2.1)) (&& (== net50) (>= uap10.1)) (== netstandard2.0)
      System.Buffers (>= 4.5.1) - restriction: || (&& (== net50) (>= monotouch)) (&& (== net50) (>= net461)) (&& (== net50) (< netcoreapp2.0)) (&& (== net50) (< netstandard1.1)) (&& (== net50) (< netstandard2.0)) (&& (== net50) (>= xamarinios)) (&& (== net50) (>= xamarinmac)) (&& (== net50) (>= xamarintvos)) (&& (== net50) (>= xamarinwatchos)) (== netstandard2.0)
      System.Numerics.Vectors (>= 4.4) - restriction: || (&& (== net50) (< netcoreapp2.0)) (== netstandard2.0)
      System.Runtime.CompilerServices.Unsafe (>= 4.5.3) - restriction: || (&& (== net50) (>= monotouch)) (&& (== net50) (>= net461)) (&& (== net50) (< netcoreapp2.0)) (&& (== net50) (< netcoreapp2.1)) (&& (== net50) (< netstandard1.1)) (&& (== net50) (< netstandard2.0)) (&& (== net50) (>= uap10.1)) (&& (== net50) (>= xamarinios)) (&& (== net50) (>= xamarinmac)) (&& (== net50) (>= xamarintvos)) (&& (== net50) (>= xamarinwatchos)) (== netstandard2.0)
    System.Numerics.Vectors (4.5) - restriction: || (&& (== net50) (>= net461)) (&& (== net50) (< netcoreapp2.0)) (== netstandard2.0)
    System.Runtime.CompilerServices.Unsafe (5.0) - restriction: || (&& (== net50) (>= monotouch)) (&& (== net50) (>= net461)) (&& (== net50) (< netcoreapp2.0)) (&& (== net50) (< netcoreapp2.1)) (&& (== net50) (< netcoreapp3.0)) (&& (== net50) (< netstandard2.0) (>= xamarintvos)) (&& (== net50) (< netstandard2.0) (>= xamarinwatchos)) (&& (== net50) (>= uap10.1)) (== netstandard2.0)
    System.Text.Encodings.Web (5.0.1)
      System.Buffers (>= 4.5.1) - restriction: || (&& (== net50) (>= net461)) (&& (== net50) (< netcoreapp2.0) (< netstandard2.1)) (== netstandard2.0)
      System.Memory (>= 4.5.4) - restriction: || (&& (== net50) (>= net461)) (&& (== net50) (< netcoreapp2.0) (< netstandard2.1)) (&& (== net50) (< netcoreapp2.1) (< netstandard2.1)) (&& (== net50) (>= uap10.1)) (== netstandard2.0)
    System.Text.Json (5.0.2)
      Microsoft.Bcl.AsyncInterfaces (>= 5.0) - restriction: || (&& (== net50) (>= monotouch)) (&& (== net50) (>= net461)) (&& (== net50) (< netcoreapp2.0)) (&& (== net50) (< netcoreapp2.1)) (&& (== net50) (< netcoreapp3.0)) (&& (== net50) (< netstandard2.0) (>= xamarintvos)) (&& (== net50) (< netstandard2.0) (>= xamarinwatchos)) (&& (== net50) (>= uap10.1)) (== netstandard2.0)
      System.Buffers (>= 4.5.1) - restriction: || (&& (== net50) (>= monotouch)) (&& (== net50) (>= net461)) (&& (== net50) (< netcoreapp2.0)) (&& (== net50) (< netstandard2.0) (>= xamarintvos)) (&& (== net50) (< netstandard2.0) (>= xamarinwatchos)) (== netstandard2.0)
      System.Memory (>= 4.5.4) - restriction: || (&& (== net50) (>= net461)) (&& (== net50) (< netcoreapp2.0)) (&& (== net50) (< netcoreapp2.1)) (&& (== net50) (>= uap10.1)) (== netstandard2.0)
      System.Numerics.Vectors (>= 4.5) - restriction: || (&& (== net50) (>= net461)) (&& (== net50) (< netcoreapp2.0)) (== netstandard2.0)
      System.Runtime.CompilerServices.Unsafe (>= 5.0) - restriction: || (&& (== net50) (>= monotouch)) (&& (== net50) (>= net461)) (&& (== net50) (< netcoreapp2.0)) (&& (== net50) (< netcoreapp2.1)) (&& (== net50) (< netcoreapp3.0)) (&& (== net50) (< netstandard2.0) (>= xamarintvos)) (&& (== net50) (< netstandard2.0) (>= xamarinwatchos)) (&& (== net50) (>= uap10.1)) (== netstandard2.0)
      System.Text.Encodings.Web (>= 5.0.1) - restriction: || (&& (== net50) (>= monotouch)) (&& (== net50) (>= net461)) (&& (== net50) (< netcoreapp2.0)) (&& (== net50) (< netcoreapp2.1)) (&& (== net50) (< netcoreapp3.0)) (&& (== net50) (< netstandard2.0) (>= xamarintvos)) (&& (== net50) (< netstandard2.0) (>= xamarinwatchos)) (&& (== net50) (>= uap10.1)) (== netstandard2.0)
      System.Threading.Tasks.Extensions (>= 4.5.4) - restriction: || (&& (== net50) (>= net461)) (&& (== net50) (< netcoreapp2.0)) (&& (== net50) (< netcoreapp2.1)) (&& (== net50) (>= uap10.1)) (== netstandard2.0)
    System.Threading.Tasks.Extensions (4.5.4) - restriction: || (&& (== net50) (>= net461)) (&& (== net50) (< netcoreapp2.0)) (&& (== net50) (< netcoreapp2.1)) (&& (== net50) (>= uap10.1)) (== netstandard2.0)
      System.Runtime.CompilerServices.Unsafe (>= 4.5.3) - restriction: || (&& (== net50) (>= net461)) (&& (== net50) (< netcoreapp2.1)) (&& (== net50) (< netstandard1.0)) (&& (== net50) (< netstandard2.0)) (&& (== net50) (>= wp8)) (== netstandard2.0)

GROUP Common
RESTRICTION: || (== net50) (== netstandard2.0)
NUGET
  remote: https://api.nuget.org/v3/index.json
    FParsec (1.1.1)
      FSharp.Core (>= 4.3.4)
    FSharp.Core (4.7.2)
    Microsoft.Bcl.AsyncInterfaces (5.0) - restriction: || (&& (== net50) (>= net461)) (&& (== net50) (< netstandard2.1)) (== netstandard2.0)
      System.Threading.Tasks.Extensions (>= 4.5.4) - restriction: || (&& (== net50) (>= net461)) (&& (== net50) (< netcoreapp2.1) (< netstandard2.1)) (== netstandard2.0)
    Microsoft.Extensions.DependencyInjection (5.0.1)
      Microsoft.Bcl.AsyncInterfaces (>= 5.0) - restriction: || (&& (== net50) (>= net461)) (&& (== net50) (< netstandard2.1)) (== netstandard2.0)
      Microsoft.Extensions.DependencyInjection.Abstractions (>= 5.0)
      System.Threading.Tasks.Extensions (>= 4.5.4) - restriction: || (&& (== net50) (>= net461)) (&& (== net50) (< netcoreapp2.1) (< netstandard2.1)) (== netstandard2.0)
    Microsoft.Extensions.DependencyInjection.Abstractions (5.0)
    Microsoft.Extensions.Http (5.0)
      Microsoft.Extensions.DependencyInjection.Abstractions (>= 5.0)
      Microsoft.Extensions.Logging (>= 5.0)
      Microsoft.Extensions.Logging.Abstractions (>= 5.0)
      Microsoft.Extensions.Options (>= 5.0)
    Microsoft.Extensions.Logging (5.0)
      Microsoft.Extensions.DependencyInjection (>= 5.0)
      Microsoft.Extensions.DependencyInjection.Abstractions (>= 5.0)
      Microsoft.Extensions.Logging.Abstractions (>= 5.0)
      Microsoft.Extensions.Options (>= 5.0)
      System.Diagnostics.DiagnosticSource (>= 5.0) - restriction: || (&& (== net50) (>= net461)) (&& (== net50) (< netstandard2.1)) (== netstandard2.0)
    Microsoft.Extensions.Logging.Abstractions (5.0)
    Microsoft.Extensions.Options (5.0)
      Microsoft.Extensions.DependencyInjection.Abstractions (>= 5.0)
      Microsoft.Extensions.Primitives (>= 5.0)
    Microsoft.Extensions.Primitives (5.0.1)
      System.Buffers (>= 4.5.1) - restriction: || (&& (== net50) (>= monotouch)) (&& (== net50) (>= net461)) (&& (== net50) (< netcoreapp2.0)) (&& (== net50) (< netstandard2.0) (>= xamarintvos)) (&& (== net50) (< netstandard2.0) (>= xamarinwatchos)) (== netstandard2.0)
      System.Memory (>= 4.5.4) - restriction: || (&& (== net50) (>= net461)) (&& (== net50) (< netcoreapp2.0)) (&& (== net50) (< netcoreapp2.1)) (&& (== net50) (>= uap10.1)) (== netstandard2.0)
      System.Runtime.CompilerServices.Unsafe (>= 5.0) - restriction: || (&& (== net50) (>= monotouch)) (&& (== net50) (>= net461)) (&& (== net50) (< netcoreapp2.0)) (&& (== net50) (< netcoreapp2.1)) (&& (== net50) (< netcoreapp3.0)) (&& (== net50) (< netstandard2.0) (>= xamarintvos)) (&& (== net50) (< netstandard2.0) (>= xamarinwatchos)) (&& (== net50) (>= uap10.1)) (== netstandard2.0)
    Microsoft.NETCore.Platforms (5.0.2) - restriction: || (&& (== net50) (< netcoreapp3.1)) (&& (== net50) (< netstandard1.2)) (&& (== net50) (< netstandard1.3)) (&& (== net50) (< netstandard1.5)) (== netstandard2.0)
    Microsoft.NETCore.Targets (5.0) - restriction: || (&& (== net50) (< netcoreapp3.1)) (&& (== net50) (< netstandard1.2)) (&& (== net50) (< netstandard1.3)) (&& (== net50) (< netstandard1.5)) (== netstandard2.0)
    System.Buffers (4.5.1) - restriction: || (&& (== net50) (>= monotouch)) (&& (== net50) (>= net461)) (&& (== net50) (< netcoreapp2.0)) (&& (== net50) (< netstandard2.0) (>= xamarintvos)) (&& (== net50) (< netstandard2.0) (>= xamarinwatchos)) (== netstandard2.0)
    System.Diagnostics.DiagnosticSource (5.0.1) - restriction: || (&& (== net50) (>= net461)) (&& (== net50) (< netstandard2.1)) (== netstandard2.0)
      System.Memory (>= 4.5.4) - restriction: || (&& (== net50) (>= net45) (< netstandard1.3)) (&& (== net50) (>= net46)) (&& (== net50) (< netcoreapp2.1)) (&& (== net50) (< netstandard2.0)) (&& (== net50) (>= uap10.1)) (== netstandard2.0)
      System.Runtime.CompilerServices.Unsafe (>= 5.0) - restriction: || (&& (== net50) (>= monotouch)) (&& (== net50) (>= net45) (< netstandard1.3)) (&& (== net50) (>= net46)) (&& (== net50) (< netcoreapp2.1)) (&& (== net50) (< netcoreapp3.0)) (&& (== net50) (< netstandard2.0)) (&& (== net50) (>= uap10.1)) (== netstandard2.0)
    System.Memory (4.5.4) - restriction: || (&& (== net50) (>= net45) (< netstandard1.3)) (&& (== net50) (>= net46)) (&& (== net50) (>= net461)) (&& (== net50) (< netcoreapp2.1) (< netstandard2.1)) (&& (== net50) (< netstandard2.0)) (&& (== net50) (>= uap10.1)) (== netstandard2.0)
      System.Buffers (>= 4.5.1) - restriction: || (&& (== net50) (>= monotouch)) (&& (== net50) (>= net461)) (&& (== net50) (< netcoreapp2.0)) (&& (== net50) (< netstandard1.1)) (&& (== net50) (< netstandard2.0)) (&& (== net50) (>= xamarinios)) (&& (== net50) (>= xamarinmac)) (&& (== net50) (>= xamarintvos)) (&& (== net50) (>= xamarinwatchos)) (== netstandard2.0)
      System.Numerics.Vectors (>= 4.4) - restriction: || (&& (== net50) (< netcoreapp2.0)) (== netstandard2.0)
      System.Runtime.CompilerServices.Unsafe (>= 4.5.3) - restriction: || (&& (== net50) (>= monotouch)) (&& (== net50) (>= net461)) (&& (== net50) (< netcoreapp2.0)) (&& (== net50) (< netcoreapp2.1)) (&& (== net50) (< netstandard1.1)) (&& (== net50) (< netstandard2.0)) (&& (== net50) (>= uap10.1)) (&& (== net50) (>= xamarinios)) (&& (== net50) (>= xamarinmac)) (&& (== net50) (>= xamarintvos)) (&& (== net50) (>= xamarinwatchos)) (== netstandard2.0)
    System.Numerics.Vectors (4.5) - restriction: || (&& (== net50) (>= net45) (< netstandard1.3)) (&& (== net50) (>= net46)) (&& (== net50) (>= net461)) (&& (== net50) (< netcoreapp2.0) (< netstandard2.1)) (&& (== net50) (< netstandard2.0)) (&& (== net50) (>= uap10.1)) (== netstandard2.0)
    System.Reactive (5.0)
      System.Runtime.InteropServices.WindowsRuntime (>= 4.3) - restriction: || (&& (== net50) (< netcoreapp3.1)) (== netstandard2.0)
      System.Threading.Tasks.Extensions (>= 4.5.4) - restriction: || (&& (== net50) (>= net472)) (&& (== net50) (< netcoreapp3.1)) (&& (== net50) (>= uap10.1)) (== netstandard2.0)
    System.Runtime (4.3.1) - restriction: || (&& (== net50) (< netcoreapp3.1)) (== netstandard2.0)
      Microsoft.NETCore.Platforms (>= 1.1.1)
      Microsoft.NETCore.Targets (>= 1.1.3)
    System.Runtime.CompilerServices.Unsafe (5.0) - restriction: || (&& (== net50) (>= monotouch)) (&& (== net50) (>= net45) (< netstandard1.3)) (&& (== net50) (>= net46)) (&& (== net50) (>= net461)) (&& (== net50) (< netstandard2.0)) (&& (== net50) (< netstandard2.1)) (&& (== net50) (>= uap10.1)) (== netstandard2.0)
    System.Runtime.InteropServices.WindowsRuntime (4.3) - restriction: || (&& (== net50) (< netcoreapp3.1)) (== netstandard2.0)
      System.Runtime (>= 4.3)
    System.Threading.Tasks.Extensions (4.5.4) - restriction: || (&& (== net50) (>= net472)) (&& (== net50) (< netcoreapp3.1)) (&& (== net50) (>= uap10.1)) (== netstandard2.0)
      System.Runtime.CompilerServices.Unsafe (>= 4.5.3) - restriction: || (&& (== net50) (>= net461)) (&& (== net50) (< netcoreapp2.1)) (&& (== net50) (< netstandard1.0)) (&& (== net50) (< netstandard2.0)) (&& (== net50) (>= wp8)) (== netstandard2.0)
GITHUB
  remote: fsprojects/FSharp.TypeProviders.SDK
    src/ProvidedTypes.fs (377d56321ad062985ed5aa19f205c1c4f04ef328)
    src/ProvidedTypes.fsi (377d56321ad062985ed5aa19f205c1c4f04ef328)
GROUP TestsAndSamples
RESTRICTION: || (== net50) (== netstandard2.0)
NUGET
  remote: https://api.nuget.org/v3/index.json
    BenchmarkDotNet (0.12.1)
      BenchmarkDotNet.Annotations (>= 0.12.1)
      CommandLineParser (>= 2.4.3)
      Iced (>= 1.4)
      Microsoft.CodeAnalysis.CSharp (>= 2.10)
      Microsoft.Diagnostics.NETCore.Client (>= 0.2.61701)
      Microsoft.Diagnostics.Runtime (>= 1.1.57604)
      Microsoft.Diagnostics.Tracing.TraceEvent (>= 2.0.49)
      Microsoft.DotNet.PlatformAbstractions (>= 2.1)
      Microsoft.Win32.Registry (>= 4.5)
      Perfolizer (>= 0.2.1)
      System.Management (>= 4.5)
      System.Reflection.Emit (>= 4.3)
      System.Reflection.Emit.Lightweight (>= 4.3)
      System.Threading.Tasks.Extensions (>= 4.5.2)
      System.ValueTuple (>= 4.5)
    BenchmarkDotNet.Annotations (0.12.1)
    CommandLineParser (2.8)
    FSharp.Core (5.0.1)
    FSharp.Data.TypeProviders (5.0.0.6)
      FSharp.Core (>= 3.1.2.5)
    Giraffe (4.1)
      FSharp.Core (>= 4.7)
      Microsoft.AspNetCore.Authentication (>= 2.2) - restriction: || (&& (== net50) (>= net461)) (&& (== net50) (< netcoreapp3.0)) (== netstandard2.0)
      Microsoft.AspNetCore.Authorization (>= 2.2) - restriction: || (&& (== net50) (>= net461)) (&& (== net50) (< netcoreapp3.0)) (== netstandard2.0)
      Microsoft.AspNetCore.Diagnostics (>= 2.2) - restriction: || (&& (== net50) (>= net461)) (&& (== net50) (< netcoreapp3.0)) (== netstandard2.0)
      Microsoft.AspNetCore.Hosting.Abstractions (>= 2.2) - restriction: || (&& (== net50) (>= net461)) (&& (== net50) (< netcoreapp3.0)) (== netstandard2.0)
      Microsoft.AspNetCore.ResponseCaching (>= 2.2) - restriction: || (&& (== net50) (>= net461)) (&& (== net50) (< netcoreapp3.0)) (== netstandard2.0)
      Microsoft.IO.RecyclableMemoryStream (>= 1.2.2)
      Newtonsoft.Json (>= 12.0.2)
      TaskBuilder.fs (>= 2.1)
      Utf8Json (>= 1.3.7)
    Iced (1.11)
    Microsoft.AspNetCore.Authentication (2.2) - restriction: || (&& (== net50) (>= net461)) (&& (== net50) (< netcoreapp3.0)) (== netstandard2.0)
      Microsoft.AspNetCore.Authentication.Core (>= 2.2)
      Microsoft.AspNetCore.DataProtection (>= 2.2)
      Microsoft.AspNetCore.Http (>= 2.2)
      Microsoft.AspNetCore.Http.Extensions (>= 2.2)
      Microsoft.Extensions.Logging.Abstractions (>= 2.2)
      Microsoft.Extensions.Options (>= 2.2)
      Microsoft.Extensions.WebEncoders (>= 2.2)
    Microsoft.AspNetCore.Authentication.Abstractions (2.2) - restriction: || (&& (== net50) (>= net461)) (&& (== net50) (< netcoreapp3.0)) (== netstandard2.0)
      Microsoft.AspNetCore.Http.Abstractions (>= 2.2)
      Microsoft.Extensions.Logging.Abstractions (>= 2.2)
      Microsoft.Extensions.Options (>= 2.2)
    Microsoft.AspNetCore.Authentication.Core (2.2) - restriction: || (&& (== net50) (>= net461)) (&& (== net50) (< netcoreapp3.0)) (== netstandard2.0)
      Microsoft.AspNetCore.Authentication.Abstractions (>= 2.2)
      Microsoft.AspNetCore.Http (>= 2.2)
      Microsoft.AspNetCore.Http.Extensions (>= 2.2)
    Microsoft.AspNetCore.Authorization (5.0.5) - restriction: || (&& (== net50) (>= net461)) (&& (== net50) (< netcoreapp3.0)) (== netstandard2.0)
      Microsoft.AspNetCore.Metadata (>= 5.0.5)
      Microsoft.Extensions.Logging.Abstractions (>= 5.0)
      Microsoft.Extensions.Options (>= 5.0)
    Microsoft.AspNetCore.Cryptography.Internal (5.0.5) - restriction: || (&& (== net50) (>= net461)) (&& (== net50) (< netcoreapp3.0)) (== netstandard2.0)
    Microsoft.AspNetCore.DataProtection (5.0.5) - restriction: || (&& (== net50) (>= net461)) (&& (== net50) (< netcoreapp3.0)) (== netstandard2.0)
      Microsoft.AspNetCore.Cryptography.Internal (>= 5.0.5)
      Microsoft.AspNetCore.DataProtection.Abstractions (>= 5.0.5)
      Microsoft.Extensions.DependencyInjection.Abstractions (>= 5.0)
      Microsoft.Extensions.Hosting.Abstractions (>= 5.0)
      Microsoft.Extensions.Logging.Abstractions (>= 5.0)
      Microsoft.Extensions.Options (>= 5.0)
      Microsoft.Win32.Registry (>= 5.0)
      System.Security.Cryptography.Xml (>= 5.0)
      System.Security.Principal.Windows (>= 5.0) - restriction: == netstandard2.0
    Microsoft.AspNetCore.DataProtection.Abstractions (5.0.5) - restriction: || (&& (== net50) (>= net461)) (&& (== net50) (< netcoreapp3.0)) (== netstandard2.0)
    Microsoft.AspNetCore.Diagnostics (2.2) - restriction: || (&& (== net50) (>= net461)) (&& (== net50) (< netcoreapp3.0)) (== netstandard2.0)
      Microsoft.AspNetCore.Diagnostics.Abstractions (>= 2.2)
      Microsoft.AspNetCore.Hosting.Abstractions (>= 2.2)
      Microsoft.AspNetCore.Http.Extensions (>= 2.2)
      Microsoft.AspNetCore.WebUtilities (>= 2.2)
      Microsoft.Extensions.FileProviders.Physical (>= 2.2)
      Microsoft.Extensions.Logging.Abstractions (>= 2.2)
      Microsoft.Extensions.Options (>= 2.2)
      System.Diagnostics.DiagnosticSource (>= 4.5)
      System.Reflection.Metadata (>= 1.6)
    Microsoft.AspNetCore.Diagnostics.Abstractions (2.2) - restriction: || (&& (== net50) (>= net461)) (&& (== net50) (< netcoreapp3.0)) (== netstandard2.0)
    Microsoft.AspNetCore.Hosting.Abstractions (2.2) - restriction: || (&& (== net50) (>= net461)) (&& (== net50) (< netcoreapp3.0)) (== netstandard2.0)
      Microsoft.AspNetCore.Hosting.Server.Abstractions (>= 2.2)
      Microsoft.AspNetCore.Http.Abstractions (>= 2.2)
      Microsoft.Extensions.Hosting.Abstractions (>= 2.2)
    Microsoft.AspNetCore.Hosting.Server.Abstractions (2.2) - restriction: || (&& (== net50) (>= net461)) (&& (== net50) (< netcoreapp3.0)) (== netstandard2.0)
      Microsoft.AspNetCore.Http.Features (>= 2.2)
      Microsoft.Extensions.Configuration.Abstractions (>= 2.2)
    Microsoft.AspNetCore.Http (2.2.2) - restriction: || (&& (== net50) (>= net461)) (&& (== net50) (< netcoreapp3.0)) (== netstandard2.0)
      Microsoft.AspNetCore.Http.Abstractions (>= 2.2)
      Microsoft.AspNetCore.WebUtilities (>= 2.2)
      Microsoft.Extensions.ObjectPool (>= 2.2)
      Microsoft.Extensions.Options (>= 2.2)
      Microsoft.Net.Http.Headers (>= 2.2)
    Microsoft.AspNetCore.Http.Abstractions (2.2) - restriction: || (&& (== net50) (>= net461)) (&& (== net50) (< netcoreapp3.0)) (== netstandard2.0)
      Microsoft.AspNetCore.Http.Features (>= 2.2)
      System.Text.Encodings.Web (>= 4.5)
    Microsoft.AspNetCore.Http.Extensions (2.2) - restriction: || (&& (== net50) (>= net461)) (&& (== net50) (< netcoreapp3.0)) (== netstandard2.0)
      Microsoft.AspNetCore.Http.Abstractions (>= 2.2)
      Microsoft.Extensions.FileProviders.Abstractions (>= 2.2)
      Microsoft.Net.Http.Headers (>= 2.2)
      System.Buffers (>= 4.5)
    Microsoft.AspNetCore.Http.Features (5.0.5) - restriction: || (&& (== net50) (>= net461)) (&& (== net50) (< netcoreapp3.0)) (== netstandard2.0)
      Microsoft.Extensions.Primitives (>= 5.0.1)
      System.IO.Pipelines (>= 5.0.1)
    Microsoft.AspNetCore.Metadata (5.0.5) - restriction: || (&& (== net50) (>= net461)) (&& (== net50) (< netcoreapp3.0)) (== netstandard2.0)
    Microsoft.AspNetCore.ResponseCaching (2.2) - restriction: || (&& (== net50) (>= net461)) (&& (== net50) (< netcoreapp3.0)) (== netstandard2.0)
      Microsoft.AspNetCore.Http (>= 2.2)
      Microsoft.AspNetCore.Http.Extensions (>= 2.2)
      Microsoft.AspNetCore.ResponseCaching.Abstractions (>= 2.2)
      Microsoft.Extensions.Caching.Memory (>= 2.2)
      Microsoft.Extensions.Logging.Abstractions (>= 2.2)
    Microsoft.AspNetCore.ResponseCaching.Abstractions (2.2) - restriction: || (&& (== net50) (>= net461)) (&& (== net50) (< netcoreapp3.0)) (== netstandard2.0)
      Microsoft.Extensions.Primitives (>= 2.2)
    Microsoft.AspNetCore.WebUtilities (2.2) - restriction: || (&& (== net50) (>= net461)) (&& (== net50) (< netcoreapp3.0)) (== netstandard2.0)
      Microsoft.Net.Http.Headers (>= 2.2)
      System.Text.Encodings.Web (>= 4.5)
    Microsoft.Bcl.AsyncInterfaces (5.0)
      System.Threading.Tasks.Extensions (>= 4.5.4) - restriction: || (&& (== net50) (>= net461)) (&& (== net50) (< netcoreapp2.1) (< netstandard2.1)) (== netstandard2.0)
    Microsoft.CodeAnalysis.Analyzers (3.3.2)
    Microsoft.CodeAnalysis.Common (3.9)
      Microsoft.CodeAnalysis.Analyzers (>= 3.0)
      System.Collections.Immutable (>= 5.0)
      System.Memory (>= 4.5.4)
      System.Reflection.Metadata (>= 5.0)
      System.Runtime.CompilerServices.Unsafe (>= 5.0)
      System.Text.Encoding.CodePages (>= 4.5.1)
      System.Threading.Tasks.Extensions (>= 4.5.4)
    Microsoft.CodeAnalysis.CSharp (3.9)
      Microsoft.CodeAnalysis.Common (3.9)
    Microsoft.CodeCoverage (16.9.4) - restriction: || (== net50) (&& (== netstandard2.0) (>= net45)) (&& (== netstandard2.0) (>= netcoreapp1.0))
    Microsoft.Diagnostics.NETCore.Client (0.2.217401)
      Microsoft.Bcl.AsyncInterfaces (>= 1.1)
    Microsoft.Diagnostics.Runtime (2.0.217201)
      Microsoft.Diagnostics.NETCore.Client (>= 0.2.61701)
      System.Buffers (>= 4.5.1)
      System.Collections.Immutable (>= 1.7.1)
      System.Memory (>= 4.5.4)
      System.Reflection.Metadata (>= 1.8.1)
      System.Runtime.CompilerServices.Unsafe (>= 4.7.1)
    Microsoft.Diagnostics.Tracing.TraceEvent (2.0.66)
      System.Runtime.CompilerServices.Unsafe (>= 4.5.2)
    Microsoft.DotNet.PlatformAbstractions (3.1.6)
    Microsoft.Extensions.Caching.Abstractions (5.0) - restriction: || (&& (== net50) (>= net461)) (&& (== net50) (< netcoreapp3.0)) (== netstandard2.0)
      Microsoft.Extensions.Primitives (>= 5.0)
    Microsoft.Extensions.Caching.Memory (5.0) - restriction: || (&& (== net50) (>= net461)) (&& (== net50) (< netcoreapp3.0)) (== netstandard2.0)
      Microsoft.Extensions.Caching.Abstractions (>= 5.0)
      Microsoft.Extensions.DependencyInjection.Abstractions (>= 5.0)
      Microsoft.Extensions.Logging.Abstractions (>= 5.0)
      Microsoft.Extensions.Options (>= 5.0)
      Microsoft.Extensions.Primitives (>= 5.0)
    Microsoft.Extensions.Configuration.Abstractions (5.0) - restriction: || (&& (== net50) (>= net461)) (&& (== net50) (< netcoreapp2.1)) (&& (== net50) (< netcoreapp3.0)) (&& (== net50) (< netstandard2.1)) (== netstandard2.0)
      Microsoft.Extensions.Primitives (>= 5.0)
    Microsoft.Extensions.DependencyInjection (5.0.1)
      Microsoft.Bcl.AsyncInterfaces (>= 5.0) - restriction: || (&& (== net50) (>= net461)) (&& (== net50) (< netstandard2.1)) (== netstandard2.0)
      Microsoft.Extensions.DependencyInjection.Abstractions (>= 5.0)
      System.Threading.Tasks.Extensions (>= 4.5.4) - restriction: || (&& (== net50) (>= net461)) (&& (== net50) (< netcoreapp2.1) (< netstandard2.1)) (== netstandard2.0)
    Microsoft.Extensions.DependencyInjection.Abstractions (5.0)
    Microsoft.Extensions.FileProviders.Abstractions (5.0) - restriction: || (&& (== net50) (>= net461)) (&& (== net50) (< netcoreapp3.0)) (== netstandard2.0)
      Microsoft.Extensions.Primitives (>= 5.0)
    Microsoft.Extensions.FileProviders.Physical (5.0) - restriction: || (&& (== net50) (>= net461)) (&& (== net50) (< netcoreapp3.0)) (== netstandard2.0)
      Microsoft.Extensions.FileProviders.Abstractions (>= 5.0)
      Microsoft.Extensions.FileSystemGlobbing (>= 5.0)
      Microsoft.Extensions.Primitives (>= 5.0)
    Microsoft.Extensions.FileSystemGlobbing (5.0) - restriction: || (&& (== net50) (>= net461)) (&& (== net50) (< netcoreapp3.0)) (== netstandard2.0)
    Microsoft.Extensions.Hosting.Abstractions (5.0) - restriction: || (&& (== net50) (>= net461)) (&& (== net50) (< netcoreapp3.0)) (== netstandard2.0)
      Microsoft.Bcl.AsyncInterfaces (>= 5.0) - restriction: || (&& (== net50) (>= net461)) (&& (== net50) (< netstandard2.1)) (== netstandard2.0)
      Microsoft.Extensions.Configuration.Abstractions (>= 5.0)
      Microsoft.Extensions.DependencyInjection.Abstractions (>= 5.0)
      Microsoft.Extensions.FileProviders.Abstractions (>= 5.0)
      System.Threading.Tasks.Extensions (>= 4.5.4) - restriction: || (&& (== net50) (>= net461)) (&& (== net50) (< netcoreapp2.1) (< netstandard2.1)) (== netstandard2.0)
    Microsoft.Extensions.Http (5.0)
      Microsoft.Extensions.DependencyInjection.Abstractions (>= 5.0)
      Microsoft.Extensions.Logging (>= 5.0)
      Microsoft.Extensions.Logging.Abstractions (>= 5.0)
      Microsoft.Extensions.Options (>= 5.0)
    Microsoft.Extensions.Logging (5.0)
      Microsoft.Extensions.DependencyInjection (>= 5.0)
      Microsoft.Extensions.DependencyInjection.Abstractions (>= 5.0)
      Microsoft.Extensions.Logging.Abstractions (>= 5.0)
      Microsoft.Extensions.Options (>= 5.0)
      System.Diagnostics.DiagnosticSource (>= 5.0) - restriction: || (&& (== net50) (>= net461)) (&& (== net50) (< netstandard2.1)) (== netstandard2.0)
    Microsoft.Extensions.Logging.Abstractions (5.0)
    Microsoft.Extensions.ObjectPool (5.0.5) - restriction: || (&& (== net50) (>= net461)) (&& (== net50) (< netcoreapp3.0)) (== netstandard2.0)
    Microsoft.Extensions.Options (5.0)
      Microsoft.Extensions.DependencyInjection.Abstractions (>= 5.0)
      Microsoft.Extensions.Primitives (>= 5.0)
    Microsoft.Extensions.Primitives (5.0.1)
      System.Buffers (>= 4.5.1) - restriction: || (&& (== net50) (>= monotouch)) (&& (== net50) (>= net461)) (&& (== net50) (< netcoreapp2.0)) (&& (== net50) (< netstandard2.0) (>= xamarintvos)) (&& (== net50) (< netstandard2.0) (>= xamarinwatchos)) (== netstandard2.0)
      System.Memory (>= 4.5.4) - restriction: || (&& (== net50) (>= net461)) (&& (== net50) (< netcoreapp2.0)) (&& (== net50) (< netcoreapp2.1)) (&& (== net50) (>= uap10.1)) (== netstandard2.0)
      System.Runtime.CompilerServices.Unsafe (>= 5.0) - restriction: || (&& (== net50) (>= monotouch)) (&& (== net50) (>= net461)) (&& (== net50) (< netcoreapp2.0)) (&& (== net50) (< netcoreapp2.1)) (&& (== net50) (< netcoreapp3.0)) (&& (== net50) (< netstandard2.0) (>= xamarintvos)) (&& (== net50) (< netstandard2.0) (>= xamarinwatchos)) (&& (== net50) (>= uap10.1)) (== netstandard2.0)
    Microsoft.Extensions.WebEncoders (5.0.5) - restriction: || (&& (== net50) (>= net461)) (&& (== net50) (< netcoreapp3.0)) (== netstandard2.0)
      Microsoft.Extensions.DependencyInjection.Abstractions (>= 5.0)
      Microsoft.Extensions.Options (>= 5.0)
      System.Text.Encodings.Web (>= 5.0.1) - restriction: || (&& (== net50) (>= net461)) (== netstandard2.0)
    Microsoft.IO.RecyclableMemoryStream (2.0)
    Microsoft.Net.Http.Headers (2.2.8) - restriction: || (&& (== net50) (>= net461)) (&& (== net50) (< netcoreapp3.0)) (== netstandard2.0)
      Microsoft.Extensions.Primitives (>= 2.2)
      System.Buffers (>= 4.5)
    Microsoft.NET.Test.Sdk (16.9.4)
      Microsoft.CodeCoverage (>= 16.9.4) - restriction: || (== net50) (&& (== netstandard2.0) (>= net45)) (&& (== netstandard2.0) (>= netcoreapp1.0))
      Microsoft.TestPlatform.TestHost (>= 16.9.4) - restriction: || (== net50) (&& (== netstandard2.0) (>= netcoreapp1.0))
    Microsoft.NETCore.Platforms (5.0.2)
    Microsoft.NETCore.Targets (5.0)
    Microsoft.TestPlatform.ObjectModel (16.9.4) - restriction: || (== net50) (&& (== netstandard2.0) (>= netcoreapp1.0))
      NuGet.Frameworks (>= 5.0)
      System.Reflection.Metadata (>= 1.6)
    Microsoft.TestPlatform.TestHost (16.9.4) - restriction: || (== net50) (&& (== netstandard2.0) (>= netcoreapp1.0))
      Microsoft.TestPlatform.ObjectModel (>= 16.9.4) - restriction: || (== net50) (&& (== netstandard2.0) (>= netcoreapp1.0)) (&& (== netstandard2.0) (>= uap10.0))
      Newtonsoft.Json (>= 9.0.1) - restriction: || (== net50) (&& (== netstandard2.0) (>= netcoreapp1.0)) (&& (== netstandard2.0) (>= uap10.0))
    Microsoft.Win32.Registry (5.0)
      System.Buffers (>= 4.5.1) - restriction: || (&& (== net50) (>= monotouch)) (&& (== net50) (< netcoreapp2.0)) (&& (== net50) (>= xamarinios)) (&& (== net50) (>= xamarinmac)) (&& (== net50) (>= xamarintvos)) (&& (== net50) (>= xamarinwatchos)) (== netstandard2.0)
      System.Memory (>= 4.5.4) - restriction: || (&& (== net50) (< netcoreapp2.0)) (&& (== net50) (< netcoreapp2.1)) (&& (== net50) (>= uap10.1)) (== netstandard2.0)
      System.Security.AccessControl (>= 5.0)
      System.Security.Principal.Windows (>= 5.0)
    NETStandard.Library (2.0.3)
      Microsoft.NETCore.Platforms (>= 1.1)
    Newtonsoft.Json (13.0.1)
    NuGet.Frameworks (5.9) - restriction: || (== net50) (&& (== netstandard2.0) (>= netcoreapp1.0))
    Perfolizer (0.2.1)
      System.Memory (>= 4.5.3)
    runtime.debian.8-x64.runtime.native.System.Security.Cryptography.OpenSsl (4.3.3)
    runtime.debian.9-x64.runtime.native.System.Security.Cryptography.OpenSsl (4.3.3)
    runtime.fedora.23-x64.runtime.native.System.Security.Cryptography.OpenSsl (4.3.3)
    runtime.fedora.24-x64.runtime.native.System.Security.Cryptography.OpenSsl (4.3.3)
    runtime.fedora.27-x64.runtime.native.System.Security.Cryptography.OpenSsl (4.3.3)
    runtime.fedora.28-x64.runtime.native.System.Security.Cryptography.OpenSsl (4.3.3)
    runtime.native.System (4.3.1)
      Microsoft.NETCore.Platforms (>= 1.1.1)
      Microsoft.NETCore.Targets (>= 1.1.3)
    runtime.native.System.Net.Http (4.3.1)
      Microsoft.NETCore.Platforms (>= 1.1.1)
      Microsoft.NETCore.Targets (>= 1.1.3)
    runtime.native.System.Security.Cryptography.Apple (4.3.1)
      runtime.osx.10.10-x64.runtime.native.System.Security.Cryptography.Apple (>= 4.3.1)
    runtime.native.System.Security.Cryptography.OpenSsl (4.3.3)
      runtime.debian.8-x64.runtime.native.System.Security.Cryptography.OpenSsl (>= 4.3.3)
      runtime.debian.9-x64.runtime.native.System.Security.Cryptography.OpenSsl (>= 4.3.3)
      runtime.fedora.23-x64.runtime.native.System.Security.Cryptography.OpenSsl (>= 4.3.3)
      runtime.fedora.24-x64.runtime.native.System.Security.Cryptography.OpenSsl (>= 4.3.3)
      runtime.fedora.27-x64.runtime.native.System.Security.Cryptography.OpenSsl (>= 4.3.3)
      runtime.fedora.28-x64.runtime.native.System.Security.Cryptography.OpenSsl (>= 4.3.3)
      runtime.opensuse.13.2-x64.runtime.native.System.Security.Cryptography.OpenSsl (>= 4.3.3)
      runtime.opensuse.42.1-x64.runtime.native.System.Security.Cryptography.OpenSsl (>= 4.3.3)
      runtime.opensuse.42.3-x64.runtime.native.System.Security.Cryptography.OpenSsl (>= 4.3.3)
      runtime.osx.10.10-x64.runtime.native.System.Security.Cryptography.OpenSsl (>= 4.3.3)
      runtime.rhel.7-x64.runtime.native.System.Security.Cryptography.OpenSsl (>= 4.3.3)
      runtime.ubuntu.14.04-x64.runtime.native.System.Security.Cryptography.OpenSsl (>= 4.3.3)
      runtime.ubuntu.16.04-x64.runtime.native.System.Security.Cryptography.OpenSsl (>= 4.3.3)
      runtime.ubuntu.16.10-x64.runtime.native.System.Security.Cryptography.OpenSsl (>= 4.3.3)
      runtime.ubuntu.18.04-x64.runtime.native.System.Security.Cryptography.OpenSsl (>= 4.3.3)
    runtime.opensuse.13.2-x64.runtime.native.System.Security.Cryptography.OpenSsl (4.3.3)
    runtime.opensuse.42.1-x64.runtime.native.System.Security.Cryptography.OpenSsl (4.3.3)
    runtime.opensuse.42.3-x64.runtime.native.System.Security.Cryptography.OpenSsl (4.3.3)
    runtime.osx.10.10-x64.runtime.native.System.Security.Cryptography.Apple (4.3.1)
    runtime.osx.10.10-x64.runtime.native.System.Security.Cryptography.OpenSsl (4.3.3)
    runtime.rhel.7-x64.runtime.native.System.Security.Cryptography.OpenSsl (4.3.3)
    runtime.ubuntu.14.04-x64.runtime.native.System.Security.Cryptography.OpenSsl (4.3.3)
    runtime.ubuntu.16.04-x64.runtime.native.System.Security.Cryptography.OpenSsl (4.3.3)
    runtime.ubuntu.16.10-x64.runtime.native.System.Security.Cryptography.OpenSsl (4.3.3)
    runtime.ubuntu.18.04-x64.runtime.native.System.Security.Cryptography.OpenSsl (4.3.3)
    Suave (2.6)
      FSharp.Core  - restriction: || (== net50) (&& (== netstandard2.0) (>= netstandard2.1))
    System.Buffers (4.5.1)
    System.CodeDom (5.0)
    System.Collections (4.3)
      Microsoft.NETCore.Platforms (>= 1.1)
      Microsoft.NETCore.Targets (>= 1.1)
      System.Runtime (>= 4.3)
    System.Collections.Concurrent (4.3)
      System.Collections (>= 4.3)
      System.Diagnostics.Debug (>= 4.3)
      System.Diagnostics.Tracing (>= 4.3)
      System.Globalization (>= 4.3)
      System.Reflection (>= 4.3)
      System.Resources.ResourceManager (>= 4.3)
      System.Runtime (>= 4.3)
      System.Runtime.Extensions (>= 4.3)
      System.Threading (>= 4.3)
      System.Threading.Tasks (>= 4.3)
    System.Collections.Immutable (5.0)
      System.Memory (>= 4.5.4) - restriction: || (&& (== net50) (>= net461)) (&& (== net50) (< netcoreapp2.1)) (&& (== net50) (< netstandard2.0)) (&& (== net50) (>= uap10.1)) (== netstandard2.0)
    System.Diagnostics.Debug (4.3)
      Microsoft.NETCore.Platforms (>= 1.1)
      Microsoft.NETCore.Targets (>= 1.1)
      System.Runtime (>= 4.3)
    System.Diagnostics.DiagnosticSource (5.0.1)
      System.Memory (>= 4.5.4) - restriction: || (&& (== net50) (>= net45) (< netstandard1.3)) (&& (== net50) (>= net46)) (&& (== net50) (< netcoreapp2.1)) (&& (== net50) (< netstandard2.0)) (&& (== net50) (>= uap10.1)) (== netstandard2.0)
      System.Runtime.CompilerServices.Unsafe (>= 5.0) - restriction: || (&& (== net50) (>= monotouch)) (&& (== net50) (>= net45) (< netstandard1.3)) (&& (== net50) (>= net46)) (&& (== net50) (< netcoreapp2.1)) (&& (== net50) (< netcoreapp3.0)) (&& (== net50) (< netstandard2.0)) (&& (== net50) (>= uap10.1)) (== netstandard2.0)
    System.Diagnostics.Tracing (4.3)
      Microsoft.NETCore.Platforms (>= 1.1)
      Microsoft.NETCore.Targets (>= 1.1)
      System.Runtime (>= 4.3)
    System.Formats.Asn1 (5.0)
    System.Globalization (4.3)
      Microsoft.NETCore.Platforms (>= 1.1)
      Microsoft.NETCore.Targets (>= 1.1)
      System.Runtime (>= 4.3)
    System.Globalization.Calendars (4.3)
      Microsoft.NETCore.Platforms (>= 1.1)
      Microsoft.NETCore.Targets (>= 1.1)
      System.Globalization (>= 4.3)
      System.Runtime (>= 4.3)
    System.Globalization.Extensions (4.3)
      Microsoft.NETCore.Platforms (>= 1.1)
      System.Globalization (>= 4.3)
      System.Resources.ResourceManager (>= 4.3)
      System.Runtime (>= 4.3)
      System.Runtime.Extensions (>= 4.3)
      System.Runtime.InteropServices (>= 4.3)
    System.IO (4.3)
      Microsoft.NETCore.Platforms (>= 1.1)
      Microsoft.NETCore.Targets (>= 1.1)
      System.Runtime (>= 4.3)
      System.Text.Encoding (>= 4.3)
      System.Threading.Tasks (>= 4.3)
    System.IO.FileSystem (4.3)
      Microsoft.NETCore.Platforms (>= 1.1)
      Microsoft.NETCore.Targets (>= 1.1)
      System.IO (>= 4.3)
      System.IO.FileSystem.Primitives (>= 4.3)
      System.Runtime (>= 4.3)
      System.Runtime.Handles (>= 4.3)
      System.Text.Encoding (>= 4.3)
      System.Threading.Tasks (>= 4.3)
    System.IO.FileSystem.Primitives (4.3)
      System.Runtime (>= 4.3)
    System.IO.Pipelines (5.0.1) - restriction: || (&& (== net50) (>= net461)) (&& (== net50) (< netcoreapp3.0)) (== netstandard2.0)
      System.Buffers (>= 4.5.1) - restriction: || (&& (== net50) (>= monotouch)) (&& (== net50) (>= net461)) (&& (== net50) (< netcoreapp2.0)) (&& (== net50) (< netstandard2.0)) (&& (== net50) (>= xamarinios)) (&& (== net50) (>= xamarinmac)) (&& (== net50) (>= xamarintvos)) (&& (== net50) (>= xamarinwatchos)) (== netstandard2.0)
      System.Memory (>= 4.5.4) - restriction: || (&& (== net50) (>= net461)) (&& (== net50) (< netcoreapp2.0)) (&& (== net50) (< netcoreapp2.1)) (&& (== net50) (< netstandard2.0)) (&& (== net50) (>= uap10.1)) (== netstandard2.0)
      System.Threading.Tasks.Extensions (>= 4.5.4) - restriction: || (&& (== net50) (>= net461)) (&& (== net50) (< netcoreapp2.0)) (&& (== net50) (< netcoreapp2.1)) (&& (== net50) (< netstandard2.0)) (&& (== net50) (>= uap10.1)) (== netstandard2.0)
    System.Linq (4.3)
      System.Collections (>= 4.3)
      System.Diagnostics.Debug (>= 4.3)
      System.Resources.ResourceManager (>= 4.3)
      System.Runtime (>= 4.3)
      System.Runtime.Extensions (>= 4.3)
    System.Management (5.0)
      Microsoft.NETCore.Platforms (>= 5.0) - restriction: || (== net50) (&& (== netstandard2.0) (>= netcoreapp2.0))
      Microsoft.Win32.Registry (>= 5.0) - restriction: || (== net50) (&& (== netstandard2.0) (>= netcoreapp2.0))
      System.CodeDom (>= 5.0)
    System.Memory (4.5.4)
      System.Buffers (>= 4.5.1) - restriction: || (&& (== net50) (>= monotouch)) (&& (== net50) (>= net461)) (&& (== net50) (< netcoreapp2.0)) (&& (== net50) (< netstandard1.1)) (&& (== net50) (< netstandard2.0)) (&& (== net50) (>= xamarinios)) (&& (== net50) (>= xamarinmac)) (&& (== net50) (>= xamarintvos)) (&& (== net50) (>= xamarinwatchos)) (== netstandard2.0)
      System.Numerics.Vectors (>= 4.4) - restriction: || (&& (== net50) (< netcoreapp2.0)) (== netstandard2.0)
      System.Runtime.CompilerServices.Unsafe (>= 4.5.3) - restriction: || (&& (== net50) (>= monotouch)) (&& (== net50) (>= net461)) (&& (== net50) (< netcoreapp2.0)) (&& (== net50) (< netcoreapp2.1)) (&& (== net50) (< netstandard1.1)) (&& (== net50) (< netstandard2.0)) (&& (== net50) (>= uap10.1)) (&& (== net50) (>= xamarinios)) (&& (== net50) (>= xamarinmac)) (&& (== net50) (>= xamarintvos)) (&& (== net50) (>= xamarinwatchos)) (== netstandard2.0)
    System.Net.Http (4.3.4)
      Microsoft.NETCore.Platforms (>= 1.1.1)
      runtime.native.System (>= 4.3)
      runtime.native.System.Net.Http (>= 4.3)
      runtime.native.System.Security.Cryptography.OpenSsl (>= 4.3.2)
      System.Collections (>= 4.3)
      System.Diagnostics.Debug (>= 4.3)
      System.Diagnostics.DiagnosticSource (>= 4.3)
      System.Diagnostics.Tracing (>= 4.3)
      System.Globalization (>= 4.3)
      System.Globalization.Extensions (>= 4.3)
      System.IO (>= 4.3)
      System.IO.FileSystem (>= 4.3)
      System.Net.Primitives (>= 4.3)
      System.Resources.ResourceManager (>= 4.3)
      System.Runtime (>= 4.3)
      System.Runtime.Extensions (>= 4.3)
      System.Runtime.Handles (>= 4.3)
      System.Runtime.InteropServices (>= 4.3)
      System.Security.Cryptography.Algorithms (>= 4.3)
      System.Security.Cryptography.Encoding (>= 4.3)
      System.Security.Cryptography.OpenSsl (>= 4.3)
      System.Security.Cryptography.Primitives (>= 4.3)
      System.Security.Cryptography.X509Certificates (>= 4.3)
      System.Text.Encoding (>= 4.3)
      System.Threading (>= 4.3)
      System.Threading.Tasks (>= 4.3)
    System.Net.Primitives (4.3.1)
      Microsoft.NETCore.Platforms (>= 1.1.1)
      Microsoft.NETCore.Targets (>= 1.1.3)
      System.Runtime (>= 4.3.1)
      System.Runtime.Handles (>= 4.3)
    System.Numerics.Vectors (4.5) - restriction: || (&& (== net50) (< netcoreapp2.0)) (== netstandard2.0)
    System.Reflection (4.3)
      Microsoft.NETCore.Platforms (>= 1.1)
      Microsoft.NETCore.Targets (>= 1.1)
      System.IO (>= 4.3)
      System.Reflection.Primitives (>= 4.3)
      System.Runtime (>= 4.3)
    System.Reflection.Emit (4.7)
      System.Reflection.Emit.ILGeneration (>= 4.7) - restriction: || (&& (== net50) (< netcoreapp2.0) (< netstandard2.1)) (&& (== net50) (< netstandard1.1)) (&& (== net50) (< netstandard2.0)) (&& (== net50) (>= uap10.1)) (== netstandard2.0)
    System.Reflection.Emit.ILGeneration (4.7) - restriction: || (&& (== net50) (< netcoreapp2.0) (< netstandard2.1)) (&& (== net50) (< netstandard1.1)) (&& (== net50) (< netstandard2.0)) (&& (== net50) (>= uap10.1)) (== netstandard2.0)
    System.Reflection.Emit.Lightweight (4.7)
      System.Reflection.Emit.ILGeneration (>= 4.7) - restriction: || (&& (== net50) (< netcoreapp2.0) (< netstandard2.1)) (&& (== net50) (< netstandard2.0)) (&& (== net50) (< portable-net45+wp8)) (&& (== net50) (>= uap10.1)) (== netstandard2.0)
    System.Reflection.Metadata (5.0)
      System.Collections.Immutable (>= 5.0) - restriction: || (&& (== net50) (>= net461)) (&& (== net50) (< netstandard1.1)) (&& (== net50) (< netstandard2.0)) (== netstandard2.0)
    System.Reflection.Primitives (4.3)
      Microsoft.NETCore.Platforms (>= 1.1)
      Microsoft.NETCore.Targets (>= 1.1)
      System.Runtime (>= 4.3)
    System.Reflection.TypeExtensions (4.7) - restriction: || (&& (== net50) (< netcoreapp1.0)) (== netstandard2.0)
    System.Resources.ResourceManager (4.3)
      Microsoft.NETCore.Platforms (>= 1.1)
      Microsoft.NETCore.Targets (>= 1.1)
      System.Globalization (>= 4.3)
      System.Reflection (>= 4.3)
      System.Runtime (>= 4.3)
    System.Runtime (4.3.1)
      Microsoft.NETCore.Platforms (>= 1.1.1)
      Microsoft.NETCore.Targets (>= 1.1.3)
    System.Runtime.CompilerServices.Unsafe (5.0)
    System.Runtime.Extensions (4.3.1)
      Microsoft.NETCore.Platforms (>= 1.1.1)
      Microsoft.NETCore.Targets (>= 1.1.3)
      System.Runtime (>= 4.3.1)
    System.Runtime.Handles (4.3)
      Microsoft.NETCore.Platforms (>= 1.1)
      Microsoft.NETCore.Targets (>= 1.1)
      System.Runtime (>= 4.3)
    System.Runtime.InteropServices (4.3)
      Microsoft.NETCore.Platforms (>= 1.1)
      Microsoft.NETCore.Targets (>= 1.1)
      System.Reflection (>= 4.3)
      System.Reflection.Primitives (>= 4.3)
      System.Runtime (>= 4.3)
      System.Runtime.Handles (>= 4.3)
    System.Runtime.Loader (4.3) - restriction: || (== net50) (&& (== netstandard2.0) (>= netcoreapp1.0))
      System.IO (>= 4.3)
      System.Reflection (>= 4.3)
      System.Runtime (>= 4.3)
    System.Runtime.Numerics (4.3)
      System.Globalization (>= 4.3)
      System.Resources.ResourceManager (>= 4.3)
      System.Runtime (>= 4.3)
      System.Runtime.Extensions (>= 4.3)
    System.Security.AccessControl (5.0)
      Microsoft.NETCore.Platforms (>= 5.0) - restriction: || (== net50) (&& (== netstandard2.0) (>= netcoreapp2.0))
      System.Security.Principal.Windows (>= 5.0)
    System.Security.Cryptography.Algorithms (4.3.1)
      Microsoft.NETCore.Platforms (>= 1.1)
      runtime.native.System.Security.Cryptography.Apple (>= 4.3.1)
      runtime.native.System.Security.Cryptography.OpenSsl (>= 4.3.2)
      System.Collections (>= 4.3)
      System.IO (>= 4.3)
      System.Resources.ResourceManager (>= 4.3)
      System.Runtime (>= 4.3)
      System.Runtime.Extensions (>= 4.3)
      System.Runtime.Handles (>= 4.3)
      System.Runtime.InteropServices (>= 4.3)
      System.Runtime.Numerics (>= 4.3)
      System.Security.Cryptography.Encoding (>= 4.3)
      System.Security.Cryptography.Primitives (>= 4.3)
      System.Text.Encoding (>= 4.3)
    System.Security.Cryptography.Cng (5.0)
      System.Formats.Asn1 (>= 5.0) - restriction: || (== net50) (&& (== netstandard2.0) (>= netcoreapp3.0))
    System.Security.Cryptography.Csp (4.3)
      Microsoft.NETCore.Platforms (>= 1.1)
      System.IO (>= 4.3)
      System.Reflection (>= 4.3)
      System.Resources.ResourceManager (>= 4.3)
      System.Runtime (>= 4.3)
      System.Runtime.Extensions (>= 4.3)
      System.Runtime.Handles (>= 4.3)
      System.Runtime.InteropServices (>= 4.3)
      System.Security.Cryptography.Algorithms (>= 4.3)
      System.Security.Cryptography.Encoding (>= 4.3)
      System.Security.Cryptography.Primitives (>= 4.3)
      System.Text.Encoding (>= 4.3)
      System.Threading (>= 4.3)
    System.Security.Cryptography.Encoding (4.3)
      Microsoft.NETCore.Platforms (>= 1.1)
      runtime.native.System.Security.Cryptography.OpenSsl (>= 4.3)
      System.Collections (>= 4.3)
      System.Collections.Concurrent (>= 4.3)
      System.Linq (>= 4.3)
      System.Resources.ResourceManager (>= 4.3)
      System.Runtime (>= 4.3)
      System.Runtime.Extensions (>= 4.3)
      System.Runtime.Handles (>= 4.3)
      System.Runtime.InteropServices (>= 4.3)
      System.Security.Cryptography.Primitives (>= 4.3)
      System.Text.Encoding (>= 4.3)
    System.Security.Cryptography.OpenSsl (5.0)
      System.Formats.Asn1 (>= 5.0) - restriction: || (== net50) (&& (== netstandard2.0) (>= netcoreapp3.0))
    System.Security.Cryptography.Pkcs (5.0.1) - restriction: || (&& (== net50) (>= monotouch)) (&& (== net50) (>= net461)) (&& (== net50) (< netcoreapp3.0)) (== netstandard2.0)
      System.Buffers (>= 4.5.1) - restriction: || (&& (== net50) (< netcoreapp2.0) (< netstandard2.1)) (== netstandard2.0)
      System.Formats.Asn1 (>= 5.0)
      System.Memory (>= 4.5.4) - restriction: || (&& (== net50) (< netcoreapp2.0) (< netstandard2.1)) (&& (== net50) (< netcoreapp2.1) (< netstandard2.1)) (&& (== net50) (>= uap10.1)) (== netstandard2.0)
      System.Security.Cryptography.Cng (>= 5.0)
    System.Security.Cryptography.Primitives (4.3)
      System.Diagnostics.Debug (>= 4.3)
      System.Globalization (>= 4.3)
      System.IO (>= 4.3)
      System.Resources.ResourceManager (>= 4.3)
      System.Runtime (>= 4.3)
      System.Threading (>= 4.3)
      System.Threading.Tasks (>= 4.3)
    System.Security.Cryptography.X509Certificates (4.3.2)
      Microsoft.NETCore.Platforms (>= 1.1)
      runtime.native.System (>= 4.3)
      runtime.native.System.Net.Http (>= 4.3)
      runtime.native.System.Security.Cryptography.OpenSsl (>= 4.3.2)
      System.Collections (>= 4.3)
      System.Diagnostics.Debug (>= 4.3)
      System.Globalization (>= 4.3)
      System.Globalization.Calendars (>= 4.3)
      System.IO (>= 4.3)
      System.IO.FileSystem (>= 4.3)
      System.IO.FileSystem.Primitives (>= 4.3)
      System.Resources.ResourceManager (>= 4.3)
      System.Runtime (>= 4.3)
      System.Runtime.Extensions (>= 4.3)
      System.Runtime.Handles (>= 4.3)
      System.Runtime.InteropServices (>= 4.3)
      System.Runtime.Numerics (>= 4.3)
      System.Security.Cryptography.Algorithms (>= 4.3)
      System.Security.Cryptography.Cng (>= 4.3)
      System.Security.Cryptography.Csp (>= 4.3)
      System.Security.Cryptography.Encoding (>= 4.3)
      System.Security.Cryptography.OpenSsl (>= 4.3)
      System.Security.Cryptography.Primitives (>= 4.3)
      System.Text.Encoding (>= 4.3)
      System.Threading (>= 4.3)
    System.Security.Cryptography.Xml (5.0) - restriction: || (&& (== net50) (>= net461)) (&& (== net50) (< netcoreapp3.0)) (== netstandard2.0)
      System.Memory (>= 4.5.4) - restriction: || (&& (== net50) (< netcoreapp2.1)) (== netstandard2.0)
      System.Security.Cryptography.Pkcs (>= 5.0)
      System.Security.Permissions (>= 5.0)
    System.Security.Permissions (5.0) - restriction: || (&& (== net50) (>= monotouch)) (&& (== net50) (>= net461)) (&& (== net50) (< netcoreapp3.0)) (== netstandard2.0)
      System.Security.AccessControl (>= 5.0)
    System.Security.Principal.Windows (5.0)
    System.Text.Encoding (4.3)
      Microsoft.NETCore.Platforms (>= 1.1)
      Microsoft.NETCore.Targets (>= 1.1)
      System.Runtime (>= 4.3)
    System.Text.Encoding.CodePages (5.0)
      Microsoft.NETCore.Platforms (>= 5.0) - restriction: || (== net50) (&& (== netstandard2.0) (>= net50)) (&& (== netstandard2.0) (>= netcoreapp2.0))
      System.Runtime.CompilerServices.Unsafe (>= 5.0) - restriction: || (&& (== net50) (>= net461)) (&& (== net50) (< netcoreapp2.0)) (== netstandard2.0)
    System.Text.Encodings.Web (5.0.1) - restriction: || (&& (== net50) (>= net461)) (&& (== net50) (< netcoreapp3.0)) (== netstandard2.0)
      System.Buffers (>= 4.5.1) - restriction: || (&& (== net50) (>= net461)) (&& (== net50) (< netcoreapp2.0) (< netstandard2.1)) (== netstandard2.0)
      System.Memory (>= 4.5.4) - restriction: || (&& (== net50) (>= net461)) (&& (== net50) (< netcoreapp2.0) (< netstandard2.1)) (&& (== net50) (< netcoreapp2.1) (< netstandard2.1)) (&& (== net50) (>= uap10.1)) (== netstandard2.0)
    System.Threading (4.3)
      System.Runtime (>= 4.3)
      System.Threading.Tasks (>= 4.3)
    System.Threading.Tasks (4.3)
      Microsoft.NETCore.Platforms (>= 1.1)
      Microsoft.NETCore.Targets (>= 1.1)
      System.Runtime (>= 4.3)
    System.Threading.Tasks.Extensions (4.5.4)
      System.Runtime.CompilerServices.Unsafe (>= 4.5.3) - restriction: || (&& (== net50) (>= net461)) (&& (== net50) (< netcoreapp2.1)) (&& (== net50) (< netstandard1.0)) (&& (== net50) (< netstandard2.0)) (&& (== net50) (>= wp8)) (== netstandard2.0)
    System.ValueTuple (4.5)
    TaskBuilder.fs (2.1)
      FSharp.Core (>= 4.1.17)
      NETStandard.Library (>= 1.6.1)
      System.ValueTuple (>= 4.4)
    Utf8Json (1.3.7)
      System.Reflection.Emit (>= 4.3)
      System.Reflection.Emit.Lightweight (>= 4.3)
      System.Threading.Tasks.Extensions (>= 4.4)
      System.ValueTuple (>= 4.4)
    xunit (2.4.1)
      xunit.analyzers (>= 0.10)
      xunit.assert (2.4.1)
      xunit.core (2.4.1)
    xunit.abstractions (2.0.3)
    xunit.analyzers (0.10)
    xunit.assert (2.4.1)
      NETStandard.Library (>= 1.6.1)
    xunit.core (2.4.1)
      xunit.extensibility.core (2.4.1)
      xunit.extensibility.execution (2.4.1)
    xunit.extensibility.core (2.4.1)
      NETStandard.Library (>= 1.6.1)
      xunit.abstractions (>= 2.0.3)
    xunit.extensibility.execution (2.4.1)
      NETStandard.Library (>= 1.6.1)
      xunit.extensibility.core (2.4.1)
    xunit.runner.console (2.4.1)
    xunit.runner.utility (2.4.1)
      NETStandard.Library (>= 1.6) - restriction: || (== net50) (&& (== netstandard2.0) (>= netcoreapp1.0))
      NETStandard.Library (>= 1.6.1) - restriction: || (&& (== net50) (< netcoreapp1.0)) (&& (== net50) (< netstandard1.5)) (== netstandard2.0)
      System.Reflection.TypeExtensions (>= 4.3) - restriction: || (&& (== net50) (< netcoreapp1.0)) (== netstandard2.0)
      System.Runtime.Loader (>= 4.0) - restriction: || (== net50) (&& (== netstandard2.0) (>= netcoreapp1.0))
      xunit.abstractions (>= 2.0.3)
    xunit.runner.visualstudio (2.4.3)
